GEM
  remote: https://rubygems.org/
  specs:
    Ascii85 (1.1.0)
    addressable (2.8.1)
      public_suffix (>= 2.0.2, < 6.0)
    afm (0.2.2)
    asciidoctor (2.0.18)
    asciidoctor-epub3 (1.5.1)
      asciidoctor (>= 1.5.6, < 3.0.0)
      gepub (~> 1.0.0)
      mime-types (~> 3.0)
    asciidoctor-fb2 (0.7.0)
      asciidoctor (~> 2.0)
      fb2rb (>= 0.6, < 0.8)
      mime-types (~> 3.0)
    asciidoctor-pdf (2.3.4)
      asciidoctor (~> 2.0)
      concurrent-ruby (~> 1.1)
      matrix (~> 0.4)
      prawn (~> 2.4.0)
      prawn-icon (~> 3.0.0)
      prawn-svg (~> 0.32.0)
      prawn-table (~> 0.2.0)
      prawn-templates (~> 0.1.0)
      treetop (~> 1.6.0)
    async (2.4.2)
      console (~> 1.10)
      io-event (~> 1.1)
      timers (~> 4.1)
    awesome_print (1.9.2)
    coderay (1.1.3)
    concurrent-ruby (1.2.2)
    console (1.16.2)
      fiber-local
    css_parser (1.14.0)
      addressable
    epubcheck-ruby (5.0.0.0)
    ethon (0.16.0)
      ffi (>= 1.15.0)
    fb2rb (0.7.0)
      nokogiri (>= 1.10, < 1.14)
      rubyzip (~> 2.3.0)
    ffi (1.15.5)
    fiber-local (1.0.0)
    gepub (1.0.15)
      nokogiri (>= 1.8.2, < 2.0)
      rubyzip (> 1.1.1, < 2.4)
    hashery (2.1.2)
    html-proofer (5.0.5)
      addressable (~> 2.3)
      async (~> 2.1)
      nokogiri (~> 1.13)
      pdf-reader (~> 2.11)
      rainbow (~> 3.0)
      typhoeus (~> 1.3)
      yell (~> 2.0)
      zeitwerk (~> 2.5)
    io-event (1.1.7)
    json (2.6.3)
    kindlegen (3.1.1)
      rake
      rubyzip
    matrix (0.4.2)
    mime-types (3.4.1)
      mime-types-data (~> 3.2015)
    mime-types-data (3.2023.0218.1)
    nokogiri (1.13.10-x86_64-linux)
      racc (~> 1.4)
    pdf-core (0.9.0)
    pdf-reader (2.11.0)
      Ascii85 (~> 1.0)
      afm (~> 0.2.1)
      hashery (~> 2.0)
      ruby-rc4
      ttfunk
    polyglot (0.3.5)
    prawn (2.4.0)
      pdf-core (~> 0.9.0)
      ttfunk (~> 1.7)
    prawn-icon (3.0.0)
      prawn (>= 1.1.0, < 3.0.0)
    prawn-svg (0.32.0)
      css_parser (~> 1.6)
      prawn (>= 0.11.1, < 3)
      rexml (~> 3.2)
    prawn-table (0.2.2)
      prawn (>= 1.3.0, < 3.0.0)
    prawn-templates (0.1.2)
      pdf-reader (~> 2.0)
      prawn (~> 2.2)
    public_suffix (5.0.1)
    pygments.rb (2.3.1)
    racc (1.6.2)
    rainbow (3.1.1)
    rake (13.0.6)
    rexml (3.2.5)
    ruby-rc4 (0.1.5)
    rubyzip (2.3.2)
    thread_safe (0.3.6)
    timers (4.3.5)
    treetop (1.6.12)
      polyglot (~> 0.3)
    ttfunk (1.7.0)
    typhoeus (1.4.0)
      ethon (>= 0.9.0)
    yell (2.2.2)
    zeitwerk (2.6.7)

PLATFORMS
  x86_64-linux

DEPENDENCIES
  asciidoctor (= 2.0.18)
  asciidoctor-epub3 (= 1.5.1)
  asciidoctor-fb2 (= 0.7.0)
  asciidoctor-pdf (= 2.3.4)
  awesome_print (= 1.9.2)
  coderay (= 1.1.3)
  epubcheck-ruby (= 5.0.0.0)
  html-proofer (= 5.0.5)
  json (= 2.6.3)
  kindlegen (= 3.1.1)
  pygments.rb (= 2.3.1)
  rake (= 13.0.6)
  thread_safe (= 0.3.6)

BUNDLED WITH
   2.3.7
